GEM
  remote: https://rubygems.org/
  specs:
    addressable (2.8.7)
      public_suffix (>= 2.0.2, < 7.0)
    hashie (5.0.0)
    nokogiri (1.10.10-java)
    omniauth (1.9.2)
      hashie (>= 3.4.6)
      rack (>= 1.6.2, < 3)
    omniauth-cas (2.0.0)
      addressable (~> 2.3)
      nokogiri (~> 1.5)
      omniauth (~> 1.2)
    omniauth-saml (1.10.1)
      omniauth (~> 1.3, >= 1.3.2)
      ruby-saml (~> 1.7)
    public_suffix (4.0.7)
    rack (2.2.9)
    ruby-saml (1.9.0)
      nokogiri (>= 1.5.10)

PLATFORMS
  java

DEPENDENCIES
  addressable (~> 2.8)
  omniauth (~> 1.7, >= 1.7.1)
  omniauth-cas (~> 2.0)
  omniauth-saml (~> 1.8, >= 1.8.1)
  ruby-saml (= 1.9.0)

BUNDLED WITH
   1.16.1
