GEM
  remote: https://rubygems.org/
  specs:
    addressable (2.8.7)
      public_suffix (>= 2.0.2, < 7.0)
    hashie (5.0.0)
    mini_portile2 (2.8.9)
    nokogiri (1.17.2)
      mini_portile2 (~> 2.8.2)
      racc (~> 1.4)
    omniauth (1.9.2)
      hashie (>= 3.4.6)
      rack (>= 1.6.2, < 3)
    omniauth-cas (2.0.0)
      addressable (~> 2.3)
      nokogiri (~> 1.5)
      omniauth (~> 1.2)
    omniauth-saml (1.10.3)
      omniauth (~> 1.3, >= 1.3.2)
      ruby-saml (~> 1.9)
    public_suffix (6.0.2)
    racc (1.8.1)
    rack (2.2.16)
    ruby-saml (1.9.0)
      nokogiri (>= 1.5.10)

PLATFORMS
  ruby

DEPENDENCIES
  addressable (~> 2.8)
  nokogiri (~> 1.15)
  omniauth (~> 1.7, >= 1.7.1)
  omniauth-cas (~> 2.0)
  omniauth-saml (~> 1.8, >= 1.8.1)
  ruby-saml (= 1.9.0)

BUNDLED WITH
   2.5.18
